PATH
  remote: .
  specs:
    the_one_api (0.2.0)
      flexirest (~> 1.11.1)

GEM
  remote: https://rubygems.org/
  specs:
    actionpack (7.0.5)
      actionview (= 7.0.5)
      activesupport (= 7.0.5)
      rack (~> 2.0, >= 2.2.4)
      rack-test (>= 0.6.3)
      rails-dom-testing (~> 2.0)
      rails-html-sanitizer (~> 1.0, >= 1.2.0)
    actionview (7.0.5)
      activesupport (= 7.0.5)
      builder (~> 3.1)
      erubi (~> 1.4)
      rails-dom-testing (~> 2.0)
      rails-html-sanitizer (~> 1.1, >= 1.2.0)
    activesupport (7.0.5)
      concurrent-ruby (~> 1.0, >= 1.0.2)
      i18n (>= 1.6, < 2)
      minitest (>= 5.1)
      tzinfo (~> 2.0)
    ast (2.4.2)
    builder (3.2.4)
    concurrent-ruby (1.2.2)
    crack (0.4.5)
      rexml
    crass (1.0.6)
    diff-lcs (1.5.0)
    dotenv (2.8.1)
    erubi (1.12.0)
    faraday (2.7.7)
      faraday-net_http (>= 2.0, < 3.1)
      ruby2_keywords (>= 0.0.4)
    faraday-net_http (3.0.2)
    flexirest (1.11.1)
      actionpack
      activesupport
      crack
      faraday (~> 2.7)
      mime-types
      multi_json
    i18n (1.14.1)
      concurrent-ruby (~> 1.0)
    json (2.6.3)
    loofah (2.21.3)
      crass (~> 1.0.2)
      nokogiri (>= 1.12.0)
    mime-types (3.4.1)
      mime-types-data (~> 3.2015)
    mime-types-data (3.2023.0218.1)
    minitest (5.18.1)
    multi_json (1.15.0)
    nokogiri (1.15.2-arm64-darwin)
      racc (~> 1.4)
    parallel (1.23.0)
    parser (3.2.2.3)
      ast (~> 2.4.1)
      racc
    racc (1.7.1)
    rack (2.2.7)
    rack-test (2.1.0)
      rack (>= 1.3)
    rails-dom-testing (2.0.3)
      activesupport (>= 4.2.0)
      nokogiri (>= 1.6)
    rails-html-sanitizer (1.6.0)
      loofah (~> 2.21)
      nokogiri (~> 1.14)
    rainbow (3.1.1)
    rake (13.0.6)
    regexp_parser (2.8.1)
    rexml (3.2.5)
    rspec (3.12.0)
      rspec-core (~> 3.12.0)
      rspec-expectations (~> 3.12.0)
      rspec-mocks (~> 3.12.0)
    rspec-core (3.12.2)
      rspec-support (~> 3.12.0)
    rspec-expectations (3.12.3)
      diff-lcs (>= 1.2.0, < 2.0)
      rspec-support (~> 3.12.0)
    rspec-mocks (3.12.5)
      diff-lcs (>= 1.2.0, < 2.0)
      rspec-support (~> 3.12.0)
    rspec-support (3.12.0)
    rubocop (1.52.1)
      json (~> 2.3)
      parallel (~> 1.10)
      parser (>= 3.2.2.3)
      rainbow (>= 2.2.2, < 4.0)
      regexp_parser (>= 1.8, < 3.0)
      rexml (>= 3.2.5, < 4.0)
      rubocop-ast (>= 1.28.0, < 2.0)
      ruby-progressbar (~> 1.7)
      unicode-display_width (>= 2.4.0, < 3.0)
    rubocop-ast (1.29.0)
      parser (>= 3.2.1.0)
    ruby-progressbar (1.13.0)
    ruby2_keywords (0.0.5)
    tzinfo (2.0.6)
      concurrent-ruby (~> 1.0)
    unicode-display_width (2.4.2)
    vcr (6.1.0)

PLATFORMS
  arm64-darwin-21

DEPENDENCIES
  dotenv (~> 2.8.1)
  rake (~> 13.0)
  rspec (~> 3.0)
  rubocop (~> 1.52)
  the_one_api!
  vcr (~> 6.1.0)

BUNDLED WITH
   2.4.14
